GEM
  remote: https://rubygems.org/
  specs:
    sounder (1.0.0)

PLATFORMS
  ruby

DEPENDENCIES
  sounder (= 1.0.0)

BUNDLED WITH
   1.12.5
