GEM
  remote: https://rubygems.org/
  specs:
    http (0.7.2)
      http-form_data (~> 1.0.0)
      http_parser.rb (~> 0.6.0)
    http-form_data (1.0.1)
    http_parser.rb (0.6.0)
    mail (2.5.4)
      mime-types (~> 1.16)
      treetop (~> 1.4.8)
    mime-types (1.25.1)
    net-ldap (0.3.1)
    polyglot (0.3.5)
    sounder (1.0.0)
    treetop (1.4.15)
      polyglot
      polyglot (>= 0.3.1)

PLATFORMS
  ruby

DEPENDENCIES
  http (= 0.7.2)
  mail (= 2.5.4)
  net-ldap (= 0.3.1)
  sounder (= 1.0.0)

BUNDLED WITH
   1.13.7
